GEM
  remote: https://rubygems.org/
  specs:
    httparty (0.15.6)
      multi_xml (>= 0.5.2)
    multi_xml (0.6.0)
    speedtest (0.2.3)
      httparty (~> 0.13)
    sqlite3 (1.3.13)

PLATFORMS
  ruby

DEPENDENCIES
  speedtest
  sqlite3

BUNDLED WITH
   1.16.0
